GEM
  remote: http://rubygems.org/
  specs:
    aws-s3 (0.6.3)
      builder
      mime-types
      xml-simple
    builder (3.0.0)
    docopt (0.0.4)
    highline (1.6.13)
    json (1.7.3)
    mime-types (1.19)
    terminal-table (1.4.5)
    xml-simple (1.1.1)

PLATFORMS
  ruby

DEPENDENCIES
  aws-s3
  docopt (~> 0.0.4)
  highline
  json
  terminal-table
